GEM
  remote: https://rubygems.org/
  specs:
    aws-sdk (1.25.0)
      json (~> 1.4)
      nokogiri (>= 1.4.4, < 1.6.0)
      uuidtools (~> 2.1)
    httparty (0.12.0)
      json (~> 1.8)
      multi_xml (>= 0.5.2)
    json (1.8.1)
    multi_xml (0.5.5)
    net-ssh (2.7.0)
    nokogiri (1.5.10)
    trollop (2.0)
    uuidtools (2.1.4)

PLATFORMS
  ruby

DEPENDENCIES
  aws-sdk
  httparty
  net-ssh
  trollop
