GEM
  remote: https://rubygems.org/
  specs:
    diff-lcs (1.1.3)
    grit (2.5.0)
      diff-lcs (~> 1.1)
      mime-types (~> 1.15)
      posix-spawn (~> 0.3.6)
    mime-types (1.19)
    net-scp (1.0.4)
      net-ssh (>= 1.99.1)
    net-ssh (2.6.3)
    posix-spawn (0.3.6)

PLATFORMS
  ruby

DEPENDENCIES
  grit
  net-scp
  net-ssh
  posix-spawn
